GIT
  remote: git://github.com/CocoaPods/Core.git
  revision: 977fd7d2a19b9f9a861af7a76b8af64136f574fc
  specs:
    cocoapods-core (0.37.2)
      activesupport (>= 3.2.15)
      fuzzy_match (~> 2.0.4)
      nap (~> 0.8.0)

GIT
  remote: https://github.com/CocoaPods/CocoaPods.git
  revision: 3cd3de4052deb6b13f5bab6545ba62bab005f097
  specs:
    cocoapods (0.37.2)
      activesupport (>= 3.2.15)
      claide (~> 0.8.1)
      cocoapods-core (= 0.37.2)
      cocoapods-downloader (~> 0.9.0)
      cocoapods-plugins (~> 0.4.2)
      cocoapods-trunk (~> 0.6.1)
      cocoapods-try (~> 0.4.5)
      colored (~> 1.2)
      escape (~> 0.0.4)
      molinillo (~> 0.2.3)
      nap (~> 0.8)
      xcodeproj (~> 0.24.2)

GIT
  remote: https://github.com/CocoaPods/Xcodeproj.git
  revision: fc53251683b0738c67cb362a8d0a4b459148e2cb
  specs:
    xcodeproj (0.24.2)
      activesupport (>= 3)
      colored (~> 1.2)
      liferaft (~> 0.0.4)

GIT
  remote: https://github.com/orta/cocoapods-keys.git
  revision: b0cdfb2cc267480cc18538c40a0864ce529c4676
  specs:
    cocoapods-keys (1.3.2)
      osx_keychain

GEM
  remote: https://rubygems.org/
  specs:
    RubyInline (3.12.4)
      ZenTest (~> 4.3)
    ZenTest (4.11.0)
    activesupport (4.2.3)
      i18n (~> 0.7)
      json (~> 1.7, >= 1.7.7)
      minitest (~> 5.1)
      thread_safe (~> 0.3, >= 0.3.4)
      tzinfo (~> 1.1)
    aws-sdk (1.64.0)
      aws-sdk-v1 (= 1.64.0)
    aws-sdk-v1 (1.64.0)
      json (~> 1.4)
      nokogiri (>= 1.4.4)
    claide (0.8.1)
    cocoapods-downloader (0.9.0)
    cocoapods-plugins (0.4.2)
      nap
    cocoapods-trunk (0.6.1)
      nap (>= 0.8)
      netrc (= 0.7.8)
    cocoapods-try (0.4.5)
    colored (1.2)
    commander (4.3.4)
      highline (~> 1.7.2)
    dotenv (2.0.2)
    escape (0.0.4)
    faraday (0.8.9)
      multipart-post (~> 1.2.0)
    faraday_middleware (0.9.1)
      faraday (>= 0.7.4, < 0.10)
    fuzzy_match (2.0.4)
    highline (1.7.2)
    i18n (0.7.0)
    json (1.8.3)
    liferaft (0.0.4)
    mini_portile (0.6.2)
    minitest (5.7.0)
    molinillo (0.2.3)
    multipart-post (1.2.0)
    nap (0.8.0)
    net-sftp (2.1.2)
      net-ssh (>= 2.6.5)
    net-ssh (2.9.2)
    netrc (0.7.8)
    nokogiri (1.6.6.2)
      mini_portile (~> 0.6.0)
    osx_keychain (1.0.1)
      RubyInline (~> 3)
    plist (3.1.0)
    rubyzip (1.1.7)
    sbconstants (1.1.2)
    security (0.1.3)
    shenzhen (0.14.2)
      aws-sdk (~> 1.0)
      commander (~> 4.3)
      dotenv (>= 0.7)
      faraday (~> 0.8.9)
      faraday_middleware (~> 0.9)
      highline (>= 1.7.2)
      json (~> 1.8)
      net-sftp (~> 2.1.2)
      plist (~> 3.1.0)
      rubyzip (~> 1.1)
      security (~> 0.1.3)
      terminal-table (~> 1.4.5)
    terminal-table (1.4.5)
    thread_safe (0.3.5)
    tzinfo (1.2.2)
      thread_safe (~> 0.1)
    xcpretty (0.1.10)

PLATFORMS
  ruby

DEPENDENCIES
  cocoapods!
  cocoapods-core!
  cocoapods-keys!
  sbconstants
  shenzhen
  xcodeproj!
  xcpretty

BUNDLED WITH
   1.10.5
